# rubocop:disable all

PATH
  remote: .
  specs:
    svg_maps_italy (0.0.1)

GEM
  remote: https://rubygems.org/
  specs:
    nokogiri (1.11.0.rc4-x86_64-linux)
      racc (~> 1.4)
    racc (1.5.2)
    rake (12.3.3)

PLATFORMS
  ruby

DEPENDENCIES
  nokogiri (~> 1.11.0.rc4)
  rake (~> 12.0)
  svg_maps_italy!

BUNDLED WITH
   2.1.2

# rubocop:enable all
