# rubocop:disable all

PATH
  remote: .
  specs:
    svg_maps_italy (0.0.1)

GEM
  remote: https://rubygems.org/
  specs:
    mini_portile2 (2.4.0)
    nokogiri (1.10.10)
      mini_portile2 (~> 2.4.0)
    rake (12.3.3)

PLATFORMS
  ruby

DEPENDENCIES
  nokogiri
  rake (~> 12.0)
  svg_maps_italy!

BUNDLED WITH
   2.1.2

# rubocop:enablr all
